GEM
  remote: https://rubygems.org/
  specs:
    actionmailer (4.2.0)
      actionpack (= 4.2.0)
      actionview (= 4.2.0)
      activejob (= 4.2.0)
      mail (~> 2.5, >= 2.5.4)
      rails-dom-testing (~> 1.0, >= 1.0.5)
    actionpack (4.2.0)
      actionview (= 4.2.0)
      activesupport (= 4.2.0)
      rack (~> 1.6.0)
      rack-test (~> 0.6.2)
      rails-dom-testing (~> 1.0, >= 1.0.5)
      rails-html-sanitizer (~> 1.0, >= 1.0.1)
    actionview (4.2.0)
      activesupport (= 4.2.0)
      builder (~> 3.1)
      erubis (~> 2.7.0)
      rails-dom-testing (~> 1.0, >= 1.0.5)
      rails-html-sanitizer (~> 1.0, >= 1.0.1)
    activejob (4.2.0)
      activesupport (= 4.2.0)
      globalid (>= 0.3.0)
    activemodel (4.2.0)
      activesupport (= 4.2.0)
      builder (~> 3.1)
    activerecord (4.2.0)
      activemodel (= 4.2.0)
      activesupport (= 4.2.0)
      arel (~> 6.0)
    activesupport (4.2.0)
      i18n (~> 0.7)
      json (~> 1.7, >= 1.7.7)
      minitest (~> 5.1)
      thread_safe (~> 0.3, >= 0.3.4)
      tzinfo (~> 1.1)
    addressable (2.3.6)
    angular-rails-templates (0.1.4)
      railties (>= 3.1)
      sprockets
      tilt
    arel (6.0.0)
    autoprefixer-rails (4.0.2.2)
      execjs
    aws-sdk (1.62.0)
      aws-sdk-v1 (= 1.62.0)
    aws-sdk-v1 (1.62.0)
      json (~> 1.4)
      nokogiri (>= 1.4.4)
    bcrypt (3.1.9)
    better_errors (2.1.1)
      coderay (>= 1.0.0)
      erubis (>= 2.6.6)
      rack (>= 0.9.0)
    binding_of_caller (0.7.2)
      debug_inspector (>= 0.0.1)
    bootstrap_form (2.2.0)
    bower-rails (0.9.2)
    builder (3.2.2)
    capybara (2.4.4)
      mime-types (>= 1.16)
      nokogiri (>= 1.3.3)
      rack (>= 1.0.0)
      rack-test (>= 0.5.4)
      xpath (~> 2.0)
    capybara-email (2.4.0)
      capybara (~> 2.4)
      mail
    carrierwave (0.10.0)
      activemodel (>= 3.2.0)
      activesupport (>= 3.2.0)
      json (>= 1.7)
      mime-types (>= 1.16)
    carrierwave-aws (0.5.0)
      aws-sdk (~> 1.58)
      carrierwave (~> 0.7)
    celluloid (0.16.0)
      timers (~> 4.0.0)
    childprocess (0.5.5)
      ffi (~> 1.0, >= 1.0.11)
    cocoon (1.2.6)
    coderay (1.1.0)
    coffee-rails (4.0.1)
      coffee-script (>= 2.2.0)
      railties (>= 4.0.0, < 5.0)
    coffee-script (2.3.0)
      coffee-script-source
      execjs
    coffee-script-source (1.8.0)
    connection_pool (2.1.0)
    crack (0.4.2)
      safe_yaml (~> 1.0.0)
    daemon_controller (1.2.0)
    database_cleaner (1.4.0)
    debug_inspector (0.0.2)
    diff-lcs (1.2.5)
    draper (1.4.0)
      actionpack (>= 3.0)
      activemodel (>= 3.0)
      activesupport (>= 3.0)
      request_store (~> 1.0)
    erubis (2.7.0)
    excon (0.43.0)
    execjs (2.2.2)
    fabrication (2.12.0)
    faker (1.4.3)
      i18n (~> 0.5)
    faraday (0.9.1)
      multipart-post (>= 1.2, < 3)
    ffi (1.9.6)
    figaro (1.0.0)
      thor (~> 0.14)
    globalid (0.3.0)
      activesupport (>= 4.1.0)
    haml (4.1.0.beta.1)
      tilt
    haml-rails (0.7.0)
      actionpack (>= 4.0.1)
      activesupport (>= 4.0.1)
      haml (>= 3.1, < 5.0)
      html2haml (>= 1.0.1)
      railties (>= 4.0.1)
    heroku-api (0.3.22)
      excon (~> 0.38)
      multi_json (~> 1.8)
    hike (1.2.3)
    hitimes (1.2.2)
    hpricot (0.8.6)
    html2haml (1.0.1)
      erubis (~> 2.7.0)
      haml (>= 4.0.0.rc.1)
      hpricot (~> 0.8.6)
      ruby_parser (~> 3.1.1)
    i18n (0.7.0)
    jbuilder (2.2.6)
      activesupport (>= 3.0.0, < 5)
      multi_json (~> 1.2)
    jquery-rails (4.0.3)
      rails-dom-testing (~> 1.0)
      railties (>= 4.2.0)
      thor (>= 0.14, < 2.0)
    json (1.8.2)
    launchy (2.4.3)
      addressable (~> 2.3)
    letter_opener (1.3.0)
      launchy (~> 2.2)
    loofah (2.0.1)
      nokogiri (>= 1.5.9)
    mail (2.6.3)
      mime-types (>= 1.16, < 3)
    method_source (0.8.2)
    mime-types (2.4.3)
    mini_magick (4.0.2)
    mini_portile (0.6.2)
    minitest (5.5.1)
    multi_json (1.10.1)
    multipart-post (2.0.0)
    netrc (0.10.2)
    nokogiri (1.6.5)
      mini_portile (~> 0.6.0)
    paratrooper (2.4.1)
      excon
      heroku-api (~> 0.3)
      netrc (~> 0.7)
      rendezvous (~> 0.0.1)
    passenger (4.0.59)
      daemon_controller (>= 1.2.0)
      rack
      rake (>= 0.8.1)
    pg (0.18.1)
    pry (0.10.1)
      coderay (~> 1.1.0)
      method_source (~> 0.8.1)
      slop (~> 3.4)
    pry-nav (0.2.4)
      pry (>= 0.9.10, < 0.11.0)
    rack (1.6.0)
    rack-test (0.6.3)
      rack (>= 1.0)
    rails (4.2.0)
      actionmailer (= 4.2.0)
      actionpack (= 4.2.0)
      actionview (= 4.2.0)
      activejob (= 4.2.0)
      activemodel (= 4.2.0)
      activerecord (= 4.2.0)
      activesupport (= 4.2.0)
      bundler (>= 1.3.0, < 2.0)
      railties (= 4.2.0)
      sprockets-rails
    rails-deprecated_sanitizer (1.0.3)
      activesupport (>= 4.2.0.alpha)
    rails-dom-testing (1.0.5)
      activesupport (>= 4.2.0.beta, < 5.0)
      nokogiri (~> 1.6.0)
      rails-deprecated_sanitizer (>= 1.0.1)
    rails-html-sanitizer (1.0.1)
      loofah (~> 2.0)
    rails_12factor (0.0.3)
      rails_serve_static_assets
      rails_stdout_logging
    rails_serve_static_assets (0.0.3)
    rails_stdout_logging (0.0.3)
    railties (4.2.0)
      actionpack (= 4.2.0)
      activesupport (= 4.2.0)
      rake (>= 0.8.7)
      thor (>= 0.18.1, < 2.0)
    rake (10.4.2)
    redis (3.2.0)
    redis-namespace (1.5.1)
      redis (~> 3.0, >= 3.0.4)
    rendezvous (0.0.2)
    request_store (1.1.0)
    responders (2.0.2)
      railties (>= 4.2.0.alpha, < 5)
    rspec-core (3.1.7)
      rspec-support (~> 3.1.0)
    rspec-expectations (3.1.2)
      diff-lcs (>= 1.2.0, < 2.0)
      rspec-support (~> 3.1.0)
    rspec-mocks (3.1.3)
      rspec-support (~> 3.1.0)
    rspec-rails (3.1.0)
      actionpack (>= 3.0)
      activesupport (>= 3.0)
      railties (>= 3.0)
      rspec-core (~> 3.1.0)
      rspec-expectations (~> 3.1.0)
      rspec-mocks (~> 3.1.0)
      rspec-support (~> 3.1.0)
    rspec-support (3.1.2)
    ruby_parser (3.1.3)
      sexp_processor (~> 4.1)
    rubyzip (1.1.6)
    safe_yaml (1.0.4)
    sass (3.2.19)
    sass-rails (5.0.1)
      railties (>= 4.0.0, < 5.0)
      sass (~> 3.1)
      sprockets (>= 2.8, < 4.0)
      sprockets-rails (>= 2.0, < 4.0)
      tilt (~> 1.1)
    selenium-webdriver (2.44.0)
      childprocess (~> 0.5)
      multi_json (~> 1.0)
      rubyzip (~> 1.0)
      websocket (~> 1.0)
    sentry-raven (0.12.2)
      faraday (>= 0.7.6)
    sexp_processor (4.4.4)
    shoulda-matchers (2.7.0)
      activesupport (>= 3.0.0)
    sidekiq (3.3.0)
      celluloid (>= 0.16.0)
      connection_pool (>= 2.0.0)
      json
      redis (>= 3.0.6)
      redis-namespace (>= 1.3.1)
    simple_form (3.1.0)
      actionpack (~> 4.0)
      activemodel (~> 4.0)
    slop (3.6.0)
    spring (1.2.0)
    sprockets (2.12.3)
      hike (~> 1.2)
      multi_json (~> 1.0)
      rack (~> 1.0)
      tilt (~> 1.1, != 1.3.0)
    sprockets-rails (2.2.2)
      actionpack (>= 3.0)
      activesupport (>= 3.0)
      sprockets (>= 2.8, < 4.0)
    thor (0.19.1)
    thread_safe (0.3.4)
    tilt (1.4.1)
    timers (4.0.1)
      hitimes
    tzinfo (1.2.2)
      thread_safe (~> 0.1)
    uglifier (2.7.0)
      execjs (>= 0.3.0)
      json (>= 1.8.0)
    vcr (2.9.3)
    webmock (1.20.4)
      addressable (>= 2.3.6)
      crack (>= 0.3.2)
    websocket (1.2.1)
    xpath (2.0.0)
      nokogiri (~> 1.3)

PLATFORMS
  ruby

DEPENDENCIES
  angular-rails-templates
  autoprefixer-rails
  bcrypt
  better_errors
  binding_of_caller
  bootstrap_form
  bower-rails
  capybara
  capybara-email
  carrierwave
  carrierwave-aws
  cocoon
  coffee-rails
  database_cleaner
  draper
  fabrication
  faker
  figaro
  haml-rails
  jbuilder (~> 2.0)
  jquery-rails
  launchy
  letter_opener
  mini_magick
  paratrooper
  passenger
  pg
  pry
  pry-nav
  rails (= 4.2.0)
  rails_12factor
  responders
  rspec-rails
  sass-rails (~> 5.0.0)
  selenium-webdriver
  sentry-raven
  shoulda-matchers
  sidekiq
  simple_form
  spring
  uglifier (>= 1.3.0)
  vcr
  webmock
